GEM
  remote: http://rubygems.org/
  specs:
    minitest (3.2.0)

PLATFORMS
  ruby
  x86-mingw32

DEPENDENCIES
  minitest
